GEM
  remote: https://rubygems.org/
  specs:
    dotenv (2.6.0)
    mustermann (2.0.2)
      ruby2_keywords (~> 0.0.1)
    puma (3.12.0)
    rack (2.2.4)
    rack-protection (2.2.3)
      rack
    ruby2_keywords (0.0.5)
    sinatra (2.2.3)
      mustermann (~> 2.0)
      rack (~> 2.2)
      rack-protection (= 2.2.3)
      tilt (~> 2.0)
    thor (0.20.3)
    tilt (2.0.11)

PLATFORMS
  ruby

DEPENDENCIES
  dotenv
  puma
  sinatra
  thor

RUBY VERSION
   ruby 2.6.6p146

BUNDLED WITH
   1.17.3
