GEM
  remote: https://rubygems.org/
  specs:
    thor (0.20.3)

PLATFORMS
  ruby

DEPENDENCIES
  thor

RUBY VERSION
   ruby 2.6.0p0

BUNDLED WITH
   1.17.2
