GEM
  remote: https://rubygems.org/
  specs:
    dotenv (2.6.0)
    mustermann (1.0.3)
    puma (3.12.4)
    rack (2.0.6)
    rack-protection (2.0.5)
      rack
    sinatra (2.0.5)
      mustermann (~> 1.0)
      rack (~> 2.0)
      rack-protection (= 2.0.5)
      tilt (~> 2.0)
    thor (0.20.3)
    tilt (2.0.9)

PLATFORMS
  ruby

DEPENDENCIES
  dotenv
  puma
  sinatra
  thor

RUBY VERSION
   ruby 2.6.0p0

BUNDLED WITH
   1.17.2
